GEM
  remote: https://rubygems.org/
  specs:
    mini_portile2 (2.4.0)
    nokogiri (1.10.10)
      mini_portile2 (~> 2.4.0)
    pdf-core (0.8.1)
    prawn (2.3.0)
      pdf-core (~> 0.8.1)
      ttfunk (~> 1.6)
    roo (2.8.3)
      nokogiri (~> 1)
      rubyzip (>= 1.3.0, < 3.0.0)
    rubyzip (2.3.0)
    ttfunk (1.6.2.1)

PLATFORMS
  ruby

DEPENDENCIES
  prawn (~> 2.3.0)
  roo (~> 2.8.0)

BUNDLED WITH
   1.17.2
